GEM
  remote: https://rubygems.org/
  specs:
    mysql2 (0.5.6)

PLATFORMS
  ruby
  x86_64-linux-gnu

DEPENDENCIES
  mysql2

BUNDLED WITH
   2.6.7
