GEM
  remote: https://rubygems.org/
  specs:
    dotenv (3.1.8)
    mysql2 (0.5.6)

PLATFORMS
  ruby
  x86_64-linux-gnu

DEPENDENCIES
  dotenv
  mysql2

BUNDLED WITH
   2.6.7
